PATH
  remote: ../my_rails
  specs:
    my_rails (0.1.0)
      rack
      rackup

GEM
  remote: https://rubygems.org/
  specs:
    rack (3.1.4)
    rackup (2.1.0)
      rack (>= 3)
      webrick (~> 1.8)
    webrick (1.8.1)

PLATFORMS
  ruby
  x86_64-linux

DEPENDENCIES
  my_rails!

BUNDLED WITH
   2.5.6
